GEM
  remote: https://rubygems.org/
  specs:
    etcd-rb (1.0.0.pre1)
      httpclient (~> 2.3.0)
      multi_json (~> 1.7.0)
    faraday (0.9.0)
      multipart-post (>= 1.2, < 3)
    faraday_middleware (0.9.1)
      faraday (>= 0.7.4, < 0.10)
    httpclient (2.3.4.1)
    multi_json (1.7.9)
    multipart-post (2.0.0)
    rabbitmq_manager (0.1.0)
      faraday
      faraday_middleware

PLATFORMS
  ruby

DEPENDENCIES
  etcd-rb
  rabbitmq_manager
