GEM
  remote: https://rubygems.org/
  specs:
    coderay (1.1.0)
    etcd-rb (1.0.0.pre1)
      httpclient (~> 2.3.0)
      multi_json (~> 1.7.0)
    faraday (0.9.0)
      multipart-post (>= 1.2, < 3)
    faraday_middleware (0.9.1)
      faraday (>= 0.7.4, < 0.10)
    httpclient (2.3.4.1)
    method_source (0.8.2)
    multi_json (1.7.9)
    multipart-post (2.0.0)
    pry (0.9.12.6)
      coderay (~> 1.0)
      method_source (~> 0.8)
      slop (~> 3.4)
    rabbitmq_manager (0.1.0)
      faraday
      faraday_middleware
    slop (3.5.0)

PLATFORMS
  ruby

DEPENDENCIES
  etcd-rb
  pry
  rabbitmq_manager
